GEM
  remote: http://rubygems.org/
  specs:
    RedCloth (4.2.3)
    actionmailer (2.3.10)
      actionpack (= 2.3.10)
    actionpack (2.3.10)
      activesupport (= 2.3.10)
      rack (~> 1.1.0)
    activerecord (2.3.10)
      activesupport (= 2.3.10)
    activeresource (2.3.10)
      activesupport (= 2.3.10)
    activesupport (2.3.10)
    after_commit (1.0.10)
      activerecord (< 3.0.0, >= 1.15.6)
    capistrano (2.5.19)
      highline
      net-scp (>= 1.0.0)
      net-sftp (>= 2.0.0)
      net-ssh (>= 2.0.14)
      net-ssh-gateway (>= 1.0.0)
    cgi_multipart_eof_fix (2.5.0)
    daemons (1.1.4)
    fastthread (1.0.7)
    gem_plugin (0.2.3)
    has_scope (0.5.1)
    highline (1.6.2)
    hpricot (0.8.2)
    htmlentities (4.2.1)
    inherited_resources (1.0.6)
      has_scope (~> 0.5.0)
      responders (~> 0.4.6)
    mongrel (1.1.5)
      cgi_multipart_eof_fix (>= 2.4)
      daemons (>= 1.0.3)
      fastthread (>= 1.0.1)
      gem_plugin (>= 0.2.3)
    mysql (2.8.1)
    net-scp (1.0.4)
      net-ssh (>= 1.99.1)
    net-sftp (2.0.5)
      net-ssh (>= 2.0.9)
    net-ssh (2.1.4)
    net-ssh-gateway (1.1.0)
      net-ssh (>= 1.99.1)
    quick_magick (0.8.0)
    rack (1.1.2)
    rails (2.3.10)
      actionmailer (= 2.3.10)
      actionpack (= 2.3.10)
      activerecord (= 2.3.10)
      activeresource (= 2.3.10)
      activesupport (= 2.3.10)
      rake (>= 0.8.3)
    rake (0.9.2)
    responders (0.4.8)
    riddle (1.4.0)
    russian (0.2.7)
    thinking-sphinx (1.3.20)
      activerecord (>= 1.15.6, < 3.0.0)
      after_commit (>= 1.0.6)
      riddle (>= 1.0.10)
    utility_scopes (0.3.1)
    will_paginate (2.3.15)

PLATFORMS
  ruby

DEPENDENCIES
  RedCloth (= 4.2.3)
  capistrano (= 2.5.19)
  hpricot (= 0.8.2)
  htmlentities (= 4.2.1)
  inherited_resources (= 1.0.6)
  mongrel (= 1.1.5)
  mysql (= 2.8.1)
  quick_magick (= 0.8.0)
  rails (= 2.3.10)
  russian (= 0.2.7)
  thinking-sphinx (= 1.3.20)
  utility_scopes (= 0.3.1)
  will_paginate (= 2.3.15)
