GEM
  remote: http://rubygems.org/
  specs:
    RedCloth (4.2.3)
    actionmailer (2.3.15)
      actionpack (= 2.3.15)
    actionpack (2.3.15)
      activesupport (= 2.3.15)
      rack (~> 1.1.3)
    activerecord (2.3.15)
      activesupport (= 2.3.15)
    activeresource (2.3.15)
      activesupport (= 2.3.15)
    activesupport (2.3.15)
    capistrano (2.5.19)
      highline
      net-scp (>= 1.0.0)
      net-sftp (>= 2.0.0)
      net-ssh (>= 2.0.14)
      net-ssh-gateway (>= 1.0.0)
    cgi_multipart_eof_fix (2.5.0)
    daemons (1.1.4)
    fastthread (1.0.7)
    foreigner (0.9.2)
    gem_plugin (0.2.3)
    haml (3.0.22)
    has_scope (0.5.0)
    highline (1.6.2)
    hpricot (0.8.2)
    htmlentities (4.2.1)
    inherited_resources (1.0.6)
      has_scope (~> 0.5.0)
      responders (~> 0.4.6)
    mongrel (1.1.5)
      cgi_multipart_eof_fix (>= 2.4)
      daemons (>= 1.0.3)
      fastthread (>= 1.0.1)
      gem_plugin (>= 0.2.3)
    mysql (2.8.1)
    net-scp (1.0.4)
      net-ssh (>= 1.99.1)
    net-sftp (2.0.5)
      net-ssh (>= 2.0.9)
    net-ssh (2.1.4)
    net-ssh-gateway (1.1.0)
      net-ssh (>= 1.99.1)
    paperclip (2.3.5)
      activerecord
      activesupport
    quick_magick (0.8.0)
    rack (1.1.4)
    rails (2.3.15)
      actionmailer (= 2.3.15)
      actionpack (= 2.3.15)
      activerecord (= 2.3.15)
      activeresource (= 2.3.15)
      activesupport (= 2.3.15)
      rake (>= 0.8.3)
    rake (10.0.3)
    responders (0.4.8)
    russian (0.2.7)
    tzinfo (0.3.35)
    utility_scopes (0.3.1)
    will_paginate (2.3.15)

PLATFORMS
  ruby

DEPENDENCIES
  RedCloth (= 4.2.3)
  capistrano (= 2.5.19)
  foreigner (< 1.0.0)
  haml (= 3.0.22)
  has_scope (= 0.5.0)
  hpricot (= 0.8.2)
  htmlentities (= 4.2.1)
  inherited_resources (= 1.0.6)
  mongrel (= 1.1.5)
  mysql (= 2.8.1)
  paperclip (= 2.3.5)
  quick_magick (= 0.8.0)
  rails (= 2.3.15)
  russian (= 0.2.7)
  tzinfo
  utility_scopes (= 0.3.1)
  will_paginate (= 2.3.15)
